PATH
  remote: .
  specs:
    creator (0.0.1)
      addressable (~> 2.8)
      faraday (~> 1.8)
      faraday_middleware (~> 1.2)
      gli (~> 2.20.1)

GEM
  remote: https://rubygems.org/
  specs:
    addressable (2.8.0)
      public_suffix (>= 2.0.2, < 5.0)
    faraday (1.8.0)
      faraday-em_http (~> 1.0)
      faraday-em_synchrony (~> 1.0)
      faraday-excon (~> 1.1)
      faraday-httpclient (~> 1.0.1)
      faraday-net_http (~> 1.0)
      faraday-net_http_persistent (~> 1.1)
      faraday-patron (~> 1.0)
      faraday-rack (~> 1.0)
      multipart-post (>= 1.2, < 3)
      ruby2_keywords (>= 0.0.4)
    faraday-em_http (1.0.0)
    faraday-em_synchrony (1.0.0)
    faraday-excon (1.1.0)
    faraday-httpclient (1.0.1)
    faraday-net_http (1.0.1)
    faraday-net_http_persistent (1.2.0)
    faraday-patron (1.0.0)
    faraday-rack (1.0.0)
    faraday_middleware (1.2.0)
      faraday (~> 1.0)
    gli (2.20.1)
    minitest (5.14.4)
    multipart-post (2.1.1)
    public_suffix (4.0.6)
    rake (0.9.6)
    rdoc (4.3.0)
    ruby2_keywords (0.0.5)

PLATFORMS
  x86_64-linux

DEPENDENCIES
  addressable (~> 2.8)
  creator!
  faraday (~> 1.8)
  faraday_middleware (~> 1.2)
  minitest (~> 5.14)
  rake (~> 0.9.2)
  rdoc (~> 4.3)

BUNDLED WITH
   2.2.22
